PATH
  remote: .
  specs:
    openproject-eztrac_integration (0.0.1)

GEM
  remote: https://rubygems.org/
  specs:

PLATFORMS
  ruby
  x86_64-linux

DEPENDENCIES
  openproject-eztrac_integration!

BUNDLED WITH
   2.6.4
